GEM
  remote: https://rubygems.org/
  specs:
    diff-lcs (1.2.5)
    i18n (0.7.0)
    money (6.7.1)
      i18n (>= 0.6.4, <= 0.7.0)
      sixarm_ruby_unaccent (>= 1.1.1, < 2)
    rake (11.1.2)
    rspec (3.4.0)
      rspec-core (~> 3.4.0)
      rspec-expectations (~> 3.4.0)
      rspec-mocks (~> 3.4.0)
    rspec-core (3.4.4)
      rspec-support (~> 3.4.0)
    rspec-expectations (3.4.0)
      diff-lcs (>= 1.2.0, < 2.0)
      rspec-support (~> 3.4.0)
    rspec-mocks (3.4.1)
      diff-lcs (>= 1.2.0, < 2.0)
      rspec-support (~> 3.4.0)
    rspec-support (3.4.1)
    sequel (4.34.0)
    sixarm_ruby_unaccent (1.1.1)
    sqlite3 (1.3.11)

PLATFORMS
  ruby

DEPENDENCIES
  money (~> 6.7.1)
  rake (~> 11.1.2)
  rspec (~> 3.4.0)
  sequel (~> 4.34.0)
  sqlite3 (~> 1.3.11)

BUNDLED WITH
   1.11.2
